PATH
  remote: .
  specs:
    enum-x (0.0.1)

GEM
  remote: https://rubygems.org/
  specs:
    rake (10.1.0)

PLATFORMS
  ruby

DEPENDENCIES
  bundler (~> 1.3)
  enum-x!
  rake
